GEM
  remote: https://rubygems.org/
  specs:
    bombshell (0.1.6)

PLATFORMS
  ruby

DEPENDENCIES
  bombshell
